ObjectType = Image

NDims = 3
BinaryData = True

BinaryDataByteOrderMSB = False

CompressedData = False

TransformMatrix = 1 0 0 0 1 0 0 0 1

Offset = 0 0 0

CenterOfRotation = 0 0 0

AnatomicalOrientation = RAI

ElementSpacing =  1 1 3

DimSize = 512 512 32

ElementType = MET_UCHAR

ElementDataFile = abellRK_intrpl_order1.raw
